GIT
  remote: git://github.com/Karajlug/negative-captcha.git
  revision: 9b5a226d05e23edd1bcfe5586b8c518a808b8365
  specs:
    negative_captcha (0.3.3)
      actionpack
      activesupport

GIT
  remote: git://github.com/gregbell/active_admin.git
  revision: 5ba39c0c85920ddfc5be9985a8c0c9310da1f878
  specs:
    activeadmin (1.0.0.pre)
      arbre (~> 1.0)
      bourbon
      coffee-rails
      devise (~> 3.2)
      formtastic (~> 2.3.0.rc2)
      inherited_resources (~> 1.3)
      jquery-rails
      jquery-ui-rails
      kaminari (~> 0.14, != 0.15.0)
      rails (>= 3.2, < 4.1)
      ransack (~> 1.0)
      sass-rails

GEM
  remote: http://rubygems.org/
  specs:
    actionmailer (4.0.2)
      actionpack (= 4.0.2)
      mail (~> 2.5.4)
    actionpack (4.0.2)
      activesupport (= 4.0.2)
      builder (~> 3.1.0)
      erubis (~> 2.7.0)
      rack (~> 1.5.2)
      rack-test (~> 0.6.2)
    activemodel (4.0.2)
      activesupport (= 4.0.2)
      builder (~> 3.1.0)
    activerecord (4.0.2)
      activemodel (= 4.0.2)
      activerecord-deprecated_finders (~> 1.0.2)
      activesupport (= 4.0.2)
      arel (~> 4.0.0)
    activerecord-deprecated_finders (1.0.3)
    activesupport (4.0.2)
      i18n (~> 0.6, >= 0.6.4)
      minitest (~> 4.2)
      multi_json (~> 1.3)
      thread_safe (~> 0.1)
      tzinfo (~> 0.3.37)
    arbre (1.0.1)
      activesupport (>= 3.0.0)
    arel (4.0.1)
    atomic (1.1.14)
    bcrypt-ruby (3.1.2)
    better_errors (1.1.0)
      coderay (>= 1.0.0)
      erubis (>= 2.6.6)
    binding_of_caller (0.7.2)
      debug_inspector (>= 0.0.1)
    bourbon (3.1.8)
      sass (>= 3.2.0)
      thor
    builder (3.1.4)
    callsite (0.0.11)
    capistrano (3.0.1)
      i18n
      rake (>= 10.0.0)
      sshkit (>= 0.0.23)
    climate_control (0.0.3)
      activesupport (>= 3.0)
    cocaine (0.5.3)
      climate_control (>= 0.0.3, < 1.0)
    coderay (1.1.0)
    coffee-rails (4.0.1)
      coffee-script (>= 2.2.0)
      railties (>= 4.0.0, < 5.0)
    coffee-script (2.2.0)
      coffee-script-source
      execjs
    coffee-script-source (1.6.3)
    debug_inspector (0.0.2)
    devise (3.2.2)
      bcrypt-ruby (~> 3.0)
      orm_adapter (~> 0.1)
      railties (>= 3.2.6, < 5)
      thread_safe (~> 0.1)
      warden (~> 1.2.3)
    erubis (2.7.0)
    execjs (2.0.2)
    fast_gettext (0.8.1)
    formtastic (2.3.0.rc2)
      actionpack (>= 3.0)
    gettext (3.0.3)
      locale (>= 2.0.5)
      text
    gettext_i18n_rails (1.0.3)
      fast_gettext (>= 0.4.8)
    has_scope (0.6.0.rc)
      actionpack (>= 3.2, < 5)
      activesupport (>= 3.2, < 5)
    hike (1.2.3)
    i18n (0.6.9)
    inherited_resources (1.4.1)
      has_scope (~> 0.6.0.rc)
      responders (~> 1.0.0.rc)
    jbuilder (1.0.2)
      activesupport (>= 3.0.0)
    jquery-rails (3.0.4)
      railties (>= 3.0, < 5.0)
      thor (>= 0.14, < 2.0)
    jquery-ui-rails (4.1.1)
      railties (>= 3.1.0)
    json (1.8.1)
    kaminari (0.14.1)
      actionpack (>= 3.0.0)
      activesupport (>= 3.0.0)
    locale (2.1.0)
    mail (2.5.4)
      mime-types (~> 1.16)
      treetop (~> 1.4.8)
    meta_request (0.2.8)
      callsite
      rack-contrib
      railties
    method_source (0.8.2)
    mime-types (1.25.1)
    minitest (4.7.5)
    multi_json (1.8.4)
    net-scp (1.1.2)
      net-ssh (>= 2.6.5)
    net-ssh (2.7.0)
    netrc (0.7.7)
    orm_adapter (0.5.0)
    paperclip (3.5.2)
      activemodel (>= 3.0.0)
      activesupport (>= 3.0.0)
      cocaine (~> 0.5.3)
      mime-types
    polyamorous (0.6.4)
      activerecord (>= 3.0)
    polyglot (0.3.3)
    pry (0.9.12.4)
      coderay (~> 1.0)
      method_source (~> 0.8)
      slop (~> 3.4)
    rack (1.5.2)
    rack-contrib (1.1.0)
      rack (>= 0.9.1)
    rack-test (0.6.2)
      rack (>= 1.0)
    rails (4.0.2)
      actionmailer (= 4.0.2)
      actionpack (= 4.0.2)
      activerecord (= 4.0.2)
      activesupport (= 4.0.2)
      bundler (>= 1.3.0, < 2.0)
      railties (= 4.0.2)
      sprockets-rails (~> 2.0.0)
    railties (4.0.2)
      actionpack (= 4.0.2)
      activesupport (= 4.0.2)
      rake (>= 0.8.7)
      thor (>= 0.18.1, < 2.0)
    rake (10.1.1)
    ransack (1.1.0)
      actionpack (>= 3.0)
      activerecord (>= 3.0)
      polyamorous (~> 0.6.0)
    responders (1.0.0)
      railties (>= 3.2, < 5)
    rest-client (1.7.2)
      mime-types (>= 1.16, < 3.0)
      netrc (~> 0.7)
    ruby_parser (3.2.2)
      sexp_processor (~> 4.1)
    sass (3.2.13)
    sass-rails (4.0.1)
      railties (>= 4.0.0, < 5.0)
      sass (>= 3.1.10)
      sprockets-rails (~> 2.0.0)
    sexp_processor (4.4.1)
    slop (3.4.7)
    sprockets (2.10.1)
      hike (~> 1.2)
      multi_json (~> 1.0)
      rack (~> 1.0)
      tilt (~> 1.1, != 1.3.0)
    sprockets-rails (2.0.1)
      actionpack (>= 3.0)
      activesupport (>= 3.0)
      sprockets (~> 2.8)
    sqlite3 (1.3.8)
    sshkit (1.3.0)
      net-scp (>= 1.1.2)
      net-ssh
      term-ansicolor
    term-ansicolor (1.2.2)
      tins (~> 0.8)
    text (1.2.3)
    thor (0.18.1)
    thread_safe (0.1.3)
      atomic
    tilt (1.4.1)
    tins (0.13.1)
    treetop (1.4.15)
      polyglot
      polyglot (>= 0.3.1)
    tzinfo (0.3.38)
    uglifier (2.4.0)
      execjs (>= 0.3.0)
      json (>= 1.8.0)
    validates_email_format_of (1.5.3)
    warden (1.2.3)
      rack (>= 1.0)

PLATFORMS
  ruby

DEPENDENCIES
  activeadmin!
  better_errors
  binding_of_caller
  capistrano
  coffee-rails (>= 4.0.0)
  fast_gettext
  formtastic
  gettext
  gettext_i18n_rails
  inherited_resources
  jbuilder (~> 1.0.1)
  jquery-rails
  meta_request
  negative_captcha!
  paperclip
  pry
  rails (>= 4.0.0)
  ransack
  responders
  rest-client
  ruby_parser
  sass-rails (>= 4.0.0)
  sqlite3
  uglifier (>= 1.0.3)
  validates_email_format_of
